GEM
  remote: https://rubygems.org/
  specs:
    activemodel (3.0.19)
      activesupport (= 3.0.19)
      builder (~> 2.1.2)
      i18n (~> 0.5.0)
    activesupport (3.0.19)
    aruba (0.4.11)
      childprocess (>= 0.2.3)
      cucumber (>= 1.1.1)
      ffi (>= 1.0.11)
      rspec (>= 2.7.0)
    bson (1.8.1)
    builder (2.1.2)
    childprocess (0.3.6)
      ffi (~> 1.0, >= 1.0.6)
    cucumber (1.2.1)
      builder (>= 2.1.2)
      diff-lcs (>= 1.1.3)
      gherkin (~> 2.11.0)
      json (>= 1.4.6)
    diff-lcs (1.1.3)
    ffi (1.3.1)
    foreman (0.60.2)
      thor (>= 0.13.6)
    gherkin (2.11.5)
      json (>= 1.4.6)
    gli (2.5.3)
    i18n (0.5.0)
    jsmin (1.0.1)
    json (1.7.6)
    liquid (2.4.1)
    mongo (1.8.1)
      bson (~> 1.8.1)
    mongo_mapper (0.12.0)
      activemodel (~> 3.0)
      activesupport (~> 3.0)
      plucky (~> 0.5.2)
    plucky (0.5.2)
      mongo (~> 1.5)
    rack (1.4.3)
    rack-protection (1.3.2)
      rack
    rack-test (0.6.2)
      rack (>= 1.0)
    rake (10.0.3)
    rdoc (3.12)
      json (~> 1.4)
    rio (0.5.1)
      rdoc
      test-unit
    rspec (2.12.0)
      rspec-core (~> 2.12.0)
      rspec-expectations (~> 2.12.0)
      rspec-mocks (~> 2.12.0)
    rspec-core (2.12.2)
    rspec-expectations (2.12.1)
      diff-lcs (~> 1.1.3)
    rspec-mocks (2.12.1)
    rubyvis (0.5.2)
    sinatra (1.3.3)
      rack (~> 1.3, >= 1.3.6)
      rack-protection (~> 1.2)
      tilt (~> 1.3, >= 1.3.3)
    sinatra-assetpack (0.1.2)
      jsmin
      rack-test
      sinatra
      tilt (>= 1.3.0)
    test-unit (2.5.3)
    thor (0.16.0)
    tilt (1.3.3)

PLATFORMS
  ruby

DEPENDENCIES
  aruba (~> 0.4.6)
  foreman
  gli
  liquid
  mongo_mapper
  rake
  rdoc
  rio
  rspec
  rubyvis
  sinatra
  sinatra-assetpack
  tilt
