GEM
  remote: https://rubygems.org/
  specs:
    active_record_inline_schema (0.6.1)
      activerecord (>= 3)
      activesupport
    activemodel (3.2.13)
      activesupport (= 3.2.13)
      builder (~> 3.0.0)
    activerecord (3.2.13)
      activemodel (= 3.2.13)
      activesupport (= 3.2.13)
      arel (~> 3.0.2)
      tzinfo (~> 0.3.29)
    activesupport (3.2.13)
      i18n (= 0.6.1)
      multi_json (~> 1.0)
    arel (3.0.2)
    awesome_print (1.1.0)
    builder (3.0.4)
    i18n (0.6.1)
    multi_json (1.7.3)
    polyamorous (0.5.0)
      activerecord (~> 3.0)
    rake (10.0.4)
    squeel (1.0.18)
      activerecord (~> 3.0)
      activesupport (~> 3.0)
      polyamorous (~> 0.5.0)
    tzinfo (0.3.37)

PLATFORMS
  ruby

DEPENDENCIES
  active_record_inline_schema
  activerecord
  awesome_print
  bundler
  rake
  squeel
