GEM
  remote: https://rubygems.org/
  specs:
    activemodel (3.2.12)
      activesupport (= 3.2.12)
      builder (~> 3.0.0)
    activesupport (3.2.12)
      i18n (~> 0.6)
      multi_json (~> 1.0)
    bson (1.8.3)
    builder (3.0.4)
    diff-lcs (1.1.3)
    foreman (0.61.0)
      thor (>= 0.13.6)
    gli (2.5.4)
    i18n (0.6.4)
    liquid (2.4.1)
    mongo (1.8.2)
      bson (~> 1.8.2)
    mongo_mapper (0.12.0)
      activemodel (~> 3.0)
      activesupport (~> 3.0)
      plucky (~> 0.5.2)
    multi_json (1.6.1)
    plucky (0.5.2)
      mongo (~> 1.5)
    rack (1.5.2)
    rack-protection (1.5.0)
      rack
    rake (10.0.3)
    rdoc (4.0.0)
    rio (0.5.1)
      rdoc
      test-unit
    rspec (2.12.0)
      rspec-core (~> 2.12.0)
      rspec-expectations (~> 2.12.0)
      rspec-mocks (~> 2.12.0)
    rspec-core (2.12.2)
    rspec-expectations (2.12.1)
      diff-lcs (~> 1.1.3)
    rspec-mocks (2.12.2)
    rubyvis (0.5.2)
    sinatra (1.3.5)
      rack (~> 1.4)
      rack-protection (~> 1.3)
      tilt (~> 1.3, >= 1.3.3)
    test-unit (2.0.0.0)
    thor (0.17.0)
    tilt (1.3.6)

PLATFORMS
  ruby

DEPENDENCIES
  foreman
  gli
  liquid
  mongo_mapper
  rake
  rdoc
  rio
  rspec
  rubyvis
  sinatra
  tilt
