GEM
  remote: https://rubygems.org/
  specs:
    diff-lcs (1.1.3)
    foreman (0.60.2)
      thor (>= 0.13.6)
    gli (2.5.3)
    json (1.7.6)
    liquid (2.4.1)
    rack (1.4.3)
    rack-protection (1.3.2)
      rack
    rake (10.0.3)
    rdoc (3.12)
      json (~> 1.4)
    rio (0.5.1)
      rdoc
      test-unit
    rspec (2.12.0)
      rspec-core (~> 2.12.0)
      rspec-expectations (~> 2.12.0)
      rspec-mocks (~> 2.12.0)
    rspec-core (2.12.2)
    rspec-expectations (2.12.1)
      diff-lcs (~> 1.1.3)
    rspec-mocks (2.12.1)
    sinatra (1.3.3)
      rack (~> 1.3, >= 1.3.6)
      rack-protection (~> 1.2)
      tilt (~> 1.3, >= 1.3.3)
    test-unit (2.5.3)
    thor (0.16.0)
    tilt (1.3.3)

PLATFORMS
  ruby

DEPENDENCIES
  foreman
  gli
  liquid
  rake
  rdoc
  rio
  rspec
  sinatra
  tilt
