GEM
  remote: https://rubygems.org/
  specs:
    aasm (3.0.18)
    active_record_inline_schema (0.6.1)
      activerecord (>= 3)
      activesupport
    activemodel (3.2.13)
      activesupport (= 3.2.13)
      builder (~> 3.0.0)
    activerecord (3.2.13)
      activemodel (= 3.2.13)
      activesupport (= 3.2.13)
      arel (~> 3.0.2)
      tzinfo (~> 0.3.29)
    activesupport (3.2.13)
      i18n (= 0.6.1)
      multi_json (~> 1.0)
    arel (3.0.2)
    bombshell (0.1.6)
    builder (3.0.4)
    data_miner (2.5.1)
      aasm
      active_record_inline_schema (>= 0.6.1)
      activerecord (> 3)
      activesupport (> 3)
      errata (>= 1.0.1)
      posix-spawn
      remote_table (>= 2.0.2)
      roo (>= 1.10.3)
      unix_utils
      upsert (>= 0.3.1)
    diff-lcs (1.2.4)
    dotenv (0.7.0)
    errata (1.1.1)
      activesupport (>= 2.3.4)
      remote_table (>= 1.1.7)
      to_regexp (>= 0.0.2)
    fastercsv (1.5.5)
    fixed_width-multibyte (0.2.3)
      activesupport
    foreman (0.63.0)
      dotenv (>= 0.7)
      thor (>= 0.13.6)
    gli (2.5.6)
    hash_digest (1.0.0)
      activesupport
    i18n (0.6.1)
    json (1.7.7)
    liquid (2.5.0)
    multi_json (1.7.3)
    nokogiri (1.5.9)
    pg (0.15.1)
    polyamorous (0.5.0)
      activerecord (~> 3.0)
    posix-spawn (0.3.6)
    rack (1.5.2)
    rack-protection (1.5.0)
      rack
    rake (10.0.4)
    rdoc (4.0.1)
      json (~> 1.4)
    remote_table (2.1.1)
      activesupport (>= 2.3.4)
      fastercsv (>= 1.5.0)
      fixed_width-multibyte (>= 0.2.3)
      hash_digest
      i18n
      roo (>= 1.10.3)
      unix_utils (>= 0.0.8)
    rio (0.5.1)
      rdoc
      test-unit
    roo (1.11.2)
      nokogiri
      rubyzip
      spreadsheet (> 0.6.4)
    rspec (2.13.0)
      rspec-core (~> 2.13.0)
      rspec-expectations (~> 2.13.0)
      rspec-mocks (~> 2.13.0)
    rspec-core (2.13.1)
    rspec-expectations (2.13.0)
      diff-lcs (>= 1.1.3, < 2.0)
    rspec-mocks (2.13.1)
    ruby-ole (1.2.11.6)
    rubyzip (0.9.9)
    sinatra (1.4.2)
      rack (~> 1.5, >= 1.5.2)
      rack-protection (~> 1.4)
      tilt (~> 1.3, >= 1.3.4)
    spreadsheet (0.8.5)
      ruby-ole (>= 1.0)
    squeel (1.0.18)
      activerecord (~> 3.0)
      activesupport (~> 3.0)
      polyamorous (~> 0.5.0)
    test-unit (2.5.4)
    thor (0.18.1)
    tilt (1.4.0)
    to_regexp (0.2.0)
    tzinfo (0.3.37)
    unix_utils (0.0.15)
    upsert (1.2.0)

PLATFORMS
  ruby

DEPENDENCIES
  activerecord
  bombshell
  data_miner
  foreman
  gli
  liquid
  pg
  rake
  rdoc
  rio
  rspec
  sinatra
  squeel
  tilt
