GEM
  remote: https://rubygems.org/
  specs:
    diff-lcs (1.1.3)
    gli (2.5.3)
    json (1.7.6)
    rake (10.0.3)
    rdoc (3.12)
      json (~> 1.4)
    rio (0.5.1)
      rdoc
      test-unit
    rspec (2.12.0)
      rspec-core (~> 2.12.0)
      rspec-expectations (~> 2.12.0)
      rspec-mocks (~> 2.12.0)
    rspec-core (2.12.2)
    rspec-expectations (2.12.1)
      diff-lcs (~> 1.1.3)
    rspec-mocks (2.12.1)
    test-unit (2.5.3)

PLATFORMS
  ruby

DEPENDENCIES
  gli
  rake
  rdoc
  rio
  rspec
