GEM
  remote: https://rubygems.org/
  specs:
    diff-lcs (1.2.4)
    dotenv (0.7.0)
    foreman (0.63.0)
      dotenv (>= 0.7)
      thor (>= 0.13.6)
    gli (2.5.6)
    json (1.7.7)
    liquid (2.5.0)
    rack (1.5.2)
    rack-protection (1.5.0)
      rack
    rake (10.0.4)
    rdoc (4.0.1)
      json (~> 1.4)
    rio (0.5.1)
      rdoc
      test-unit
    rspec (2.13.0)
      rspec-core (~> 2.13.0)
      rspec-expectations (~> 2.13.0)
      rspec-mocks (~> 2.13.0)
    rspec-core (2.13.1)
    rspec-expectations (2.13.0)
      diff-lcs (>= 1.1.3, < 2.0)
    rspec-mocks (2.13.1)
    sinatra (1.4.2)
      rack (~> 1.5, >= 1.5.2)
      rack-protection (~> 1.4)
      tilt (~> 1.3, >= 1.3.4)
    test-unit (2.5.4)
    thor (0.18.1)
    tilt (1.4.0)

PLATFORMS
  ruby

DEPENDENCIES
  foreman
  gli
  liquid
  rake
  rdoc
  rio
  rspec
  sinatra
  tilt
